GEM
  remote: https://rubygems.org/
  specs:
    erubis (2.7.0)
    thor (0.19.4)
    tmuxinator (0.9.0)
      erubis (~> 2.6)
      thor (~> 0.19, >= 0.15.0)

PLATFORMS
  ruby

DEPENDENCIES
  bundler
  tmuxinator

BUNDLED WITH
   1.13.7
